GEM
  remote: https://rubygems.org/
  specs:
    chartkick (1.3.2)
    coderay (1.1.0)
    hash-deep-merge (0.1.1)
    lazy_high_charts (1.5.4)
      bundler (>= 1.0)
      hash-deep-merge
    method_source (0.8.2)
    pry (0.10.1)
      coderay (~> 1.1.0)
      method_source (~> 0.8.1)
      slop (~> 3.4)
    rack (1.5.2)
    rack-protection (1.5.3)
      rack
    sinatra (1.4.5)
      rack (~> 1.4)
      rack-protection (~> 1.4)
      tilt (~> 1.3, >= 1.3.4)
    slop (3.6.0)
    tilt (1.4.1)

PLATFORMS
  ruby

DEPENDENCIES
  chartkick
  lazy_high_charts
  pry
  sinatra
