GEM
  remote: https://rubygems.org/
  specs:
    diff-lcs (1.2.5)
    gruff (0.5.1)
      rmagick
    rmagick (2.13.3)
    rspec (2.14.0)
      rspec-core (~> 2.14.0)
      rspec-expectations (~> 2.14.0)
      rspec-mocks (~> 2.14.0)
    rspec-core (2.14.0)
    rspec-expectations (2.14.4)
      diff-lcs (>= 1.1.3, < 2.0)
    rspec-mocks (2.14.4)

PLATFORMS
  ruby

DEPENDENCIES
  gruff
  rspec
